GEM
  remote: https://rubygems.org/
  specs:
    libv8 (3.16.14.7)
    rack (1.5.2)
    ref (1.0.5)
    sass (3.4.8)
    sinatra (1.0)
      rack (>= 1.0)
    slim (2.1.0)
      temple (~> 0.6.9)
      tilt (>= 1.3.3, < 2.1)
    temple (0.6.10)
    therubyracer (0.12.1)
      libv8 (~> 3.16.14.0)
      ref
    tilt (2.0.1)

PLATFORMS
  ruby

DEPENDENCIES
  sass
  sinatra
  slim
  therubyracer
